GEM
  remote: https://rubygems.org/
  specs:
    rack (2.2.3)
    sinatra (2.1.0)
      rack (~> 2.2)

PLATFORMS
  ruby

DEPENDENCIES
  sinatra

BUNDLED WITH
   2.1.4
